GIT
  remote: https://github.com/joe-p/TEALrb.git
  revision: 2aab005c402d5f6da8a271e3bd442a244e384743
  branch: dev
  specs:
    tealrb (0.12.0)
      faraday (~> 2.6.0)
      method_source (~> 1.0)
      rubocop (~> 1.36)
      source_map (~> 3.0.1)
      yard (~> 0.9.27)

GEM
  remote: https://rubygems.org/
  specs:
    ast (2.4.2)
    faraday (2.6.0)
      faraday-net_http (>= 2.0, < 3.1)
      ruby2_keywords (>= 0.0.4)
    faraday-net_http (3.0.2)
    json (2.6.2)
    method_source (1.0.0)
    parallel (1.22.1)
    parser (3.1.3.0)
      ast (~> 2.4.1)
    rainbow (3.1.1)
    regexp_parser (2.6.1)
    rexml (3.2.5)
    rubocop (1.39.0)
      json (~> 2.3)
      parallel (~> 1.10)
      parser (>= 3.1.2.1)
      rainbow (>= 2.2.2, < 4.0)
      regexp_parser (>= 1.8, < 3.0)
      rexml (>= 3.2.5, < 4.0)
      rubocop-ast (>= 1.23.0, < 2.0)
      ruby-progressbar (~> 1.7)
      unicode-display_width (>= 1.4.0, < 3.0)
    rubocop-ast (1.24.0)
      parser (>= 3.1.1.0)
    ruby-progressbar (1.11.0)
    ruby2_keywords (0.0.5)
    source_map (3.0.1)
      json
    unicode-display_width (2.3.0)
    webrick (1.7.0)
    yard (0.9.28)
      webrick (~> 1.7.0)

PLATFORMS
  arm64-darwin-21

DEPENDENCIES
  tealrb!

BUNDLED WITH
   2.3.12
